{
  "ConversionSoftware": "dicm2nii.m 20250821",
  "SeriesNumber": 9,
  "SeriesDescription": "AXIAL T1 RECON",
  "ImageType": [
    "DERIVED",
    "SECONDARY",
    "MPR",
    "CSA MPR",
    "CSAPARALLEL",
    "M",
    "ND",
    "NORM"
  ],
  "Modality": "MR",
  "AcquisitionDateTime": "20200627083751.825000",
  "RepetitionTime": 1.83,
  "PhaseEncodingDirection": "i?",
  "EchoTime": 0.00249,
  "InversionTime": 0.993,
  "SliceThickness": 0.9,
  "FlipAngle": 9,
  "Manufacturer": "SIEMENS",
  "SoftwareVersion": "syngo MR E11",
  "MRAcquisitionType": "3D",
  "ScanningSequence": "GR\\IR",
  "SequenceVariant": "SK\\SP\\MP",
  "ScanOptions": "IR\\WE",
  "SequenceName": "*tfl3d1_16ns",
  "Defaced": true,
  "DefaceMethod": "Manual Box Crop (FieldTrip/MATLAB)"
}