{
  "ConversionSoftware": "dicm2nii.m 20250821",
  "SeriesNumber": 12,
  "SeriesDescription": "T1 mprage sag_MPR_Tra",
  "ImageType": [
    "DERIVED",
    "SECONDARY",
    "MPR",
    "ND",
    "NORM"
  ],
  "Modality": "MR",
  "AcquisitionDateTime": "20230524185749.952500",
  "RepetitionTime": 1.97,
  "EchoTime": 0.00249,
  "InversionTime": 0.993,
  "SliceThickness": 1.4566728,
  "FlipAngle": 9,
  "Manufacturer": "SIEMENS",
  "SoftwareVersion": "syngo MR E11",
  "MRAcquisitionType": "3D",
  "ScanningSequence": "GR\\IR",
  "SequenceVariant": "SK\\SP\\MP",
  "ScanOptions": "IR\\WE",
  "SequenceName": "*tfl3d1_16ns",
  "Defaced": true,
  "DefaceMethod": "Manual Box Crop (FieldTrip/MATLAB)"
}