{
  "ConversionSoftware": "dicm2nii.m 20250821",
  "SeriesNumber": 20,
  "SeriesDescription": "T1 MPRAGE sagittal_MPR_Tra",
  "ImageType": [
    "DERIVED",
    "SECONDARY",
    "MPR",
    "NORM",
    "DIS2D"
  ],
  "Modality": "MR",
  "AcquisitionDateTime": "20240210044316.727500",
  "RepetitionTime": 2.38,
  "EchoTime": 0.00496,
  "InversionTime": 1.22,
  "SliceThickness": 1,
  "FlipAngle": 8,
  "Manufacturer": "SIEMENS",
  "SoftwareVersion": "syngo MR E11",
  "MRAcquisitionType": "3D",
  "ScanningSequence": "GR\\IR",
  "SequenceVariant": "SK\\SP\\MP\\OSP",
  "ScanOptions": "IR\\PFP\\WE",
  "SequenceName": "*tfl3d1_16ns",
  "Defaced": true,
  "DefaceMethod": "Manual Box Crop (FieldTrip/MATLAB)"
}